GEM
  remote: https://rubygems.org/
  specs:
    em-http-server (0.1.8)
      eventmachine
    event_emitter (0.2.5)
    eventmachine (1.0.7)
    hike (1.2.3)
    multi_json (1.11.0)
    opal (0.7.1)
      hike (~> 1.2)
      sourcemap (~> 0.1.0)
      sprockets (>= 2.2.3, < 4.0.0)
      tilt (~> 1.4)
    opal-jquery (0.3.0)
      opal (~> 0.7.0)
    rack (1.6.0)
    sass (3.4.13)
    sourcemap (0.1.1)
    sprockets (2.12.3)
      hike (~> 1.2)
      multi_json (~> 1.0)
      rack (~> 1.0)
      tilt (~> 1.1, != 1.3.0)
    tilt (1.4.1)
    websocket (1.2.2)
    websocket-client-simple (0.2.2)
      event_emitter
      websocket

PLATFORMS
  ruby

DEPENDENCIES
  em-http-server (~> 0.1)
  opal (~> 0.7)
  opal-jquery (~> 0.3)
  sass (~> 3.4)
  websocket-client-simple (~> 0.2.2)
